GEM
  remote: http://rubygems.org/
  specs:
    httparty (0.21.0)
      mini_mime (>= 1.0.0)
      multi_xml (>= 0.5.2)
    mini_mime (1.1.5)
    multi_json (1.15.0)
    multi_xml (0.6.0)
    streamio-ffmpeg (3.0.2)
      multi_json (~> 1.8)

PLATFORMS
  ruby
  x86_64-linux

DEPENDENCIES
  httparty
  streamio-ffmpeg

BUNDLED WITH
   2.5.3
